Brain Vision Data Exchange Header File Version 1.0
; Data created by the Vision Recorder

[Common Infos]
Codepage=UTF-8
DataFile=s04.eeg
MarkerFile=s04.vmrk
DataFormat=BINARY
; Data orientation: MULTIPLEXED=ch1,pt1, ch2,pt1 ...
DataOrientation=MULTIPLEXED
NumberOfChannels=64
; Sampling interval in microseconds
SamplingInterval=2000

[Binary Infos]
BinaryFormat=INT_16

[Channel Infos]
; Each entry: Ch<Channel number>=<Name>,<Reference channel name>,
; <Resolution in "Unit">,<Unit>, Future extensions..
; Fields are delimited by commas, some fields might be omitted (empty).
; Commas in channel names are coded as "\1".
Ch1=1,,0.1,µV
Ch2=2,,0.1,µV
Ch3=3,,0.1,µV
Ch4=4,,0.1,µV
Ch5=5,,0.1,µV
Ch6=6,,0.1,µV
Ch7=7,,0.1,µV
Ch8=8,,0.1,µV
Ch9=9,,0.1,µV
Ch10=10,,0.1,µV
Ch11=11,,0.1,µV
Ch12=12,,0.1,µV
Ch13=13,,0.1,µV
Ch14=14,,0.1,µV
Ch15=15,,0.1,µV
Ch16=16,,0.1,µV
Ch17=17,,0.1,µV
Ch18=18,,0.1,µV
Ch19=19,,0.1,µV
Ch20=20,,0.1,µV
Ch21=21,,0.1,µV
Ch22=22,,0.1,µV
Ch23=23,,0.1,µV
Ch24=24,,0.1,µV
Ch25=25,,0.1,µV
Ch26=26,,0.1,µV
Ch27=27,,0.1,µV
Ch28=28,,0.1,µV
Ch29=29,,0.1,µV
Ch30=30,,0.1,µV
Ch31=31,,0.1,µV
Ch32=RM,,0.1,µV
Ch33=33,,0.1,µV
Ch34=34,,0.1,µV
Ch35=35,,0.1,µV
Ch36=36,,0.1,µV
Ch37=37,,0.1,µV
Ch38=38,,0.1,µV
Ch39=39,,0.1,µV
Ch40=40,,0.1,µV
Ch41=41,,0.1,µV
Ch42=42,,0.1,µV
Ch43=43,,0.1,µV
Ch44=44,,0.1,µV
Ch45=45,,0.1,µV
Ch46=46,,0.1,µV
Ch47=47,,0.1,µV
Ch48=48,,0.1,µV
Ch49=49,,0.1,µV
Ch50=50,,0.1,µV
Ch51=51,,0.1,µV
Ch52=52,,0.1,µV
Ch53=53,,0.1,µV
Ch54=54,,0.1,µV
Ch55=55,,0.1,µV
Ch56=56,,0.1,µV
Ch57=57,,0.1,µV
Ch58=58,,0.1,µV
Ch59=59,,0.1,µV
Ch60=60,,0.1,µV
Ch61=LEOG,,0.1,µV
Ch62=62,,0.1,µV
Ch63=63,,0.1,µV
Ch64=64,,0.1,µV

[Comment]

A m p l i f i e r  S e t u p
============================
Number of channels: 64
Sampling Rate [Hz]: 500
Sampling Interval [µS]: 2000

Channels
--------
#     Name      Phys. Chn.    Resolution / Unit   Low Cutoff [s]   High Cutoff [Hz]   Notch [Hz]
1     1           1                0.1 µV             10             1000              Off
2     2           2                0.1 µV             10             1000              Off
3     3           3                0.1 µV             10             1000              Off
4     4           4                0.1 µV             10             1000              Off
5     5           5                0.1 µV             10             1000              Off
6     6           6                0.1 µV             10             1000              Off
7     7           7                0.1 µV             10             1000              Off
8     8           8                0.1 µV             10             1000              Off
9     9           9                0.1 µV             10             1000              Off
10    10          10               0.1 µV             10             1000              Off
11    11          11               0.1 µV             10             1000              Off
12    12          12               0.1 µV             10             1000              Off
13    13          13               0.1 µV             10             1000              Off
14    14          14               0.1 µV             10             1000              Off
15    15          15               0.1 µV             10             1000              Off
16    16          16               0.1 µV             10             1000              Off
17    17          17               0.1 µV             10             1000              Off
18    18          18               0.1 µV             10             1000              Off
19    19          19               0.1 µV             10             1000              Off
20    20          20               0.1 µV             10             1000              Off
21    21          21               0.1 µV             10             1000              Off
22    22          22               0.1 µV             10             1000              Off
23    23          23               0.1 µV             10             1000              Off
24    24          24               0.1 µV             10             1000              Off
25    25          25               0.1 µV             10             1000              Off
26    26          26               0.1 µV             10             1000              Off
27    27          27               0.1 µV             10             1000              Off
28    28          28               0.1 µV             10             1000              Off
29    29          29               0.1 µV             10             1000              Off
30    30          30               0.1 µV             10             1000              Off
31    31          31               0.1 µV             10             1000              Off
32    RM          32               0.1 µV             10             1000              Off
33    33          33               0.1 µV             10             1000              Off
34    34          34               0.1 µV             10             1000              Off
35    35          35               0.1 µV             10             1000              Off
36    36          36               0.1 µV             10             1000              Off
37    37          37               0.1 µV             10             1000              Off
38    38          38               0.1 µV             10             1000              Off
39    39          39               0.1 µV             10             1000              Off
40    40          40               0.1 µV             10             1000              Off
41    41          41               0.1 µV             10             1000              Off
42    42          42               0.1 µV             10             1000              Off
43    43          43               0.1 µV             10             1000              Off
44    44          44               0.1 µV             10             1000              Off
45    45          45               0.1 µV             10             1000              Off
46    46          46               0.1 µV             10             1000              Off
47    47          47               0.1 µV             10             1000              Off
48    48          48               0.1 µV             10             1000              Off
49    49          49               0.1 µV             10             1000              Off
50    50          50               0.1 µV             10             1000              Off
51    51          51               0.1 µV             10             1000              Off
52    52          52               0.1 µV             10             1000              Off
53    53          53               0.1 µV             10             1000              Off
54    54          54               0.1 µV             10             1000              Off
55    55          55               0.1 µV             10             1000              Off
56    56          56               0.1 µV             10             1000              Off
57    57          57               0.1 µV             10             1000              Off
58    58          58               0.1 µV             10             1000              Off
59    59          59               0.1 µV             10             1000              Off
60    60          60               0.1 µV             10             1000              Off
61    LEOG        61               0.1 µV             10             1000              Off
62    62          62               0.1 µV             10             1000              Off
63    63          63               0.1 µV             10             1000              Off
64    64          64               0.1 µV             10             1000              Off

S o f t w a r e  F i l t e r s
==============================
#     Low Cutoff [s]   High Cutoff [Hz]   Notch [Hz]
1      10               100                Off
2      10               100                Off
3      10               100                Off
4      10               100                Off
5      10               100                Off
6      10               100                Off
7      10               100                Off
8      10               100                Off
9      10               100                Off
10     10               100                Off
11     10               100                Off
12     10               100                Off
13     10               100                Off
14     10               100                Off
15     10               100                Off
16     10               100                Off
17     10               100                Off
18     10               100                Off
19     10               100                Off
20     10               100                Off
21     10               100                Off
22     10               100                Off
23     10               100                Off
24     10               100                Off
25     10               100                Off
26     10               100                Off
27     10               100                Off
28     10               100                Off
29     10               100                Off
30     10               100                Off
31     10               100                Off
32     10               100                Off
33     10               100                Off
34     10               100                Off
35     10               100                Off
36     10               100                Off
37     10               100                Off
38     10               100                Off
39     10               100                Off
40     10               100                Off
41     10               100                Off
42     10               100                Off
43     10               100                Off
44     10               100                Off
45     10               100                Off
46     10               100                Off
47     10               100                Off
48     10               100                Off
49     10               100                Off
50     10               100                Off
51     10               100                Off
52     10               100                Off
53     10               100                Off
54     10               100                Off
55     10               100                Off
56     10               100                Off
57     10               100                Off
58     10               100                Off
59     10               100                Off
60     10               100                Off
61     10               100                Off
62     10               100                Off
63     10               100                Off
64     10               100                Off


No impedance values available at 11:40:34!
